GEM
  remote: https://gems.contribsys.com/
  specs:
    sidekiq-pro (5.3.1)
      sidekiq (>= 6.3.0)

GEM
  remote: https://rubygems.org/
  specs:
    connection_pool (2.2.5)
    rack (2.2.3)
    redis (4.6.0)
    sidekiq (6.4.2)
      connection_pool (>= 2.2.2)
      rack (~> 2.0)
      redis (>= 4.2.0)

PLATFORMS
  arm64-darwin-21

DEPENDENCIES
  sidekiq-pro (~> 5)!

BUNDLED WITH
   2.3.11
